GEM
  remote: https://rubygems.org/
  specs:
    coderay (1.1.3)
    colorize (0.8.1)
    dotenv (2.8.1)
    httparty (0.21.0)
      mini_mime (>= 1.0.0)
      multi_xml (>= 0.5.2)
    method_source (1.0.0)
    mini_mime (1.1.2)
    multi_xml (0.6.0)
    pry (0.14.2)
      coderay (~> 1.1)
      method_source (~> 1.0)
    ruby-openai (3.7.0)
      httparty (>= 0.18.1)

PLATFORMS
  aarch64-linux-musl

DEPENDENCIES
  colorize
  dotenv
  pry
  ruby-openai

RUBY VERSION
   ruby 3.1.4p223

BUNDLED WITH
   2.3.26
