GEM
  remote: https://rubygems.org/
  specs:
    dotenv (2.8.1)
    httparty (0.21.0)
      mini_mime (>= 1.0.0)
      multi_xml (>= 0.5.2)
    mini_mime (1.1.2)
    multi_xml (0.6.0)
    ruby-openai (3.7.0)
      httparty (>= 0.18.1)

PLATFORMS
  aarch64-linux-musl

DEPENDENCIES
  dotenv
  ruby-openai

RUBY VERSION
   ruby 3.1.4p223

BUNDLED WITH
   2.3.26
